GEM
  remote: https://rubygems.org/
  specs:
    addressable (2.8.0)
      public_suffix (>= 2.0.2, < 5.0)
    connection_pool (2.2.2)
    cookiejar (0.3.3)
    diff-lcs (1.3)
    em-http-request (1.1.5)
      addressable (>= 2.3.4)
      cookiejar (!= 0.3.1)
      em-socksify (>= 0.3)
      eventmachine (>= 1.0.3)
      http_parser.rb (>= 0.6.0)
    em-socksify (0.3.2)
      eventmachine (>= 1.0.0.beta.4)
    em-synchrony (1.0.6)
      eventmachine (>= 1.0.0.beta.1)
    ethon (0.12.0)
      ffi (>= 1.3.0)
    eventmachine (1.2.7)
    excon (0.63.0)
    ffi (1.10.0)
    http_parser.rb (0.6.0)
    httpclient (2.8.3)
    net-http-persistent (3.0.0)
      connection_pool (~> 2.2)
    patron (0.13.1)
    public_suffix (4.0.6)
    rake (12.3.2)
    rspec (3.8.0)
      rspec-core (~> 3.8.0)
      rspec-expectations (~> 3.8.0)
      rspec-mocks (~> 3.8.0)
    rspec-core (3.8.0)
      rspec-support (~> 3.8.0)
    rspec-expectations (3.8.2)
      diff-lcs (>= 1.2.0, < 2.0)
      rspec-support (~> 3.8.0)
    rspec-mocks (3.8.0)
      diff-lcs (>= 1.2.0, < 2.0)
      rspec-support (~> 3.8.0)
    rspec-support (3.8.0)
    typhoeus (1.3.1)
      ethon (>= 0.9.0)

PLATFORMS
  ruby

DEPENDENCIES
  bundler
  em-http-request (>= 1.1)
  em-synchrony (>= 1.0.3)
  excon (>= 0.27.4)
  httpclient (>= 2.2)
  net-http-persistent
  patron (>= 0.4.2)
  rake
  rspec
  typhoeus (~> 1.3)

BUNDLED WITH
   2.0.1
